GEM
  remote: https://rubygems.org/
  specs:
    childprocess (0.5.6)
      ffi (~> 1.0, >= 1.0.11)
    ffi (1.9.10)
    rack (1.6.4)
    rack-legacy (1.0.0)
      childprocess
      rack
      rack-reverse-proxy
    rack-proxy (0.5.17)
      rack
    rack-reverse-proxy (0.9.1)
      rack (>= 1.0.0)
      rack-proxy (~> 0.5)

PLATFORMS
  ruby

DEPENDENCIES
  rack
  rack-legacy
